PATH
  remote: .
  specs:
    p_deepthought (0.0.1)

GEM
  remote: https://rubygems.org/
  specs:
    deepthought (0.0.1)
    minitest (5.11.3)
    rake (10.4.2)

PLATFORMS
  ruby

DEPENDENCIES
  bundler (~> 2.0)
  deepthought
  minitest (~> 5.0)
  p_deepthought!
  rake (~> 10.0)

BUNDLED WITH
   2.0.2
